PATH
  remote: .
  specs:
    net-ftp (0.1.1)
      net-protocol
      time

GEM
  remote: https://rubygems.org/
  specs:
    date (3.1.0)
    io-wait (0.1.0)
    net-protocol (0.1.0)
      io-wait
      timeout
    power_assert (2.0.0)
    rake (13.0.3)
    test-unit (3.4.1)
      power_assert
    time (0.1.0)
      date
    timeout (0.1.1)

PLATFORMS
  ruby

DEPENDENCIES
  net-ftp!
  rake
  test-unit

BUNDLED WITH
   2.3.0.dev
